GEM
  remote: http://rubygems.org/
  specs:
    diff-lcs (1.2.2)
    facter (1.6.18)
    hiera (1.1.2)
      json_pure
    json_pure (1.7.7)
    puppet (3.1.1)
      facter (~> 1.6)
      hiera (~> 1.0)
    rake (10.0.4)
    rspec (2.13.0)
      rspec-core (~> 2.13.0)
      rspec-expectations (~> 2.13.0)
      rspec-mocks (~> 2.13.0)
    rspec-core (2.13.1)
    rspec-expectations (2.13.0)
      diff-lcs (>= 1.1.3, < 2.0)
    rspec-mocks (2.13.0)

PLATFORMS
  ruby

DEPENDENCIES
  puppet
  rake
  rspec
